GIT
  remote: https://github.com/colszowka/simplecov.git
  revision: 783c9d7e9995f3ea9baf9fbb517c1d0ceb12acdb
  specs:
    simplecov (0.15.1)
      docile (~> 1.1.0)
      json (>= 1.8, < 3)
      simplecov-html (~> 0.10.0)

GIT
  remote: https://github.com/department-of-veterans-affairs/caseflow-commons
  revision: 8dde00d67b7c629e4b871f8dcb3617bfe989b3db
  ref: 8dde00d67b7c629e4b871f8dcb3617bfe989b3db
  specs:
    caseflow (0.3.8)
      aws-sdk (~> 2.10)
      bourbon (= 4.2.7)
      d3-rails
      jquery-rails
      momentjs-rails
      neat
      rails (>= 4.2.7.1)

GIT
  remote: https://github.com/department-of-veterans-affairs/connect_vbms.git
  revision: 3b9edeeaebe3e6a49bb27e8d08486ed8b3959db4
  ref: 3b9edeeaebe3e6a49bb27e8d08486ed8b3959db4
  specs:
    connect_vbms (1.2.0)
      httpclient (~> 2.8.0)
      httpi (~> 2.4)
      mail
      nokogiri (>= 1.8.4)
      nori
      xmldsig (~> 0.3.1)
      xmlenc

GIT
  remote: https://github.com/department-of-veterans-affairs/ruby-bgs.git
  revision: 2d0e08ea4157b725242777a6f876fc199f503b61
  ref: 2d0e08ea4157b725242777a6f876fc199f503b61
  specs:
    bgs (0.2)
      nokogiri (~> 1.8.2)
      savon (~> 2.11)

GIT
  remote: https://github.com/department-of-veterans-affairs/sniffybara.git
  revision: d5f94213dcef08756f8d1622355015739e96ff4f
  branch: master
  specs:
    sniffybara (0.0.1)
      rainbow
      selenium-webdriver

GIT
  remote: https://github.com/senny/pdfjs_viewer-rails.git
  revision: a4249eacbf70175db63b57e9f364d0a9a79e2b43
  ref: a4249eacbf70175db63b57e9f364d0a9a79e2b43
  specs:
    pdfjs_viewer-rails (0.0.9)
      rails (> 4.2.0)
      sass-rails (~> 5.0)

GEM
  remote: https://rubygems.org/
  specs:
    aasm (4.11.0)
    actioncable (5.1.6.1)
      actionpack (= 5.1.6.1)
      nio4r (~> 2.0)
      websocket-driver (~> 0.6.1)
    actionmailer (5.1.6.1)
      actionpack (= 5.1.6.1)
      actionview (= 5.1.6.1)
      activejob (= 5.1.6.1)
      mail (~> 2.5, >= 2.5.4)
      rails-dom-testing (~> 2.0)
    actionpack (5.1.6.1)
      actionview (= 5.1.6.1)
      activesupport (= 5.1.6.1)
      rack (~> 2.0)
      rack-test (>= 0.6.3)
      rails-dom-testing (~> 2.0)
      rails-html-sanitizer (~> 1.0, >= 1.0.2)
    actionview (5.1.6.1)
      activesupport (= 5.1.6.1)
      builder (~> 3.1)
      erubi (~> 1.4)
      rails-dom-testing (~> 2.0)
      rails-html-sanitizer (~> 1.0, >= 1.0.3)
    active_model_serializers (0.10.7)
      actionpack (>= 4.1, < 6)
      activemodel (>= 4.1, < 6)
      case_transform (>= 0.2)
      jsonapi-renderer (>= 0.1.1.beta1, < 0.3)
    activejob (5.1.6.1)
      activesupport (= 5.1.6.1)
      globalid (>= 0.3.6)
    activemodel (5.1.6.1)
      activesupport (= 5.1.6.1)
    activerecord (5.1.6.1)
      activemodel (= 5.1.6.1)
      activesupport (= 5.1.6.1)
      arel (~> 8.0)
    activerecord-import (0.22.0)
      activerecord (>= 3.2)
    activerecord-oracle_enhanced-adapter (1.8.2)
      activerecord (~> 5.1.0)
      arel (~> 8.0)
      ruby-plsql (>= 0.6.0)
    activesupport (5.1.6.1)
      concurrent-ruby (~> 1.0, >= 1.0.2)
      i18n (>= 0.7, < 2)
      minitest (~> 5.1)
      tzinfo (~> 1.1)
    acts_as_tree (2.7.1)
      activerecord (>= 3.0.0)
    addressable (2.5.2)
      public_suffix (>= 2.0.2, < 4.0)
    akami (1.3.1)
      gyoku (>= 0.4.0)
      nokogiri
    arel (8.0.0)
    ast (2.4.0)
    aws-sdk (2.10.112)
      aws-sdk-resources (= 2.10.112)
    aws-sdk-core (2.10.112)
      aws-sigv4 (~> 1.0)
      jmespath (~> 1.0)
    aws-sdk-resources (2.10.112)
      aws-sdk-core (= 2.10.112)
    aws-sigv4 (1.0.2)
    bootsnap (1.3.2)
      msgpack (~> 1.0)
    bourbon (4.2.7)
      sass (~> 3.4)
      thor (~> 0.19)
    brakeman (4.1.1)
    builder (3.2.3)
    bullet (5.9.0)
      activesupport (>= 3.0.0)
      uniform_notifier (~> 1.11)
    bundler-audit (0.6.0)
      bundler (~> 1.2)
      thor (~> 0.18)
    business_time (0.9.3)
      activesupport (>= 3.2.0)
      tzinfo
    byebug (9.1.0)
    capybara (2.17.0)
      addressable
      mini_mime (>= 0.1.3)
      nokogiri (>= 1.3.3)
      rack (>= 1.0.0)
      rack-test (>= 0.5.4)
      xpath (>= 2.0, < 4.0)
    capybara-screenshot (1.0.18)
      capybara (>= 1.0, < 3)
      launchy
    case_transform (0.2)
      activesupport
    childprocess (0.9.0)
      ffi (~> 1.0, >= 1.0.11)
    claide (1.0.2)
    claide-plugins (0.9.2)
      cork
      nap
      open4 (~> 1.3)
    cliver (0.3.2)
    coderay (1.1.2)
    colored2 (3.1.2)
    concurrent-ruby (1.1.3)
    connection_pool (2.2.1)
    cork (0.3.0)
      colored2 (~> 3.1)
    crass (1.0.4)
    d3-rails (4.13.0)
      railties (>= 3.1)
    danger (5.11.1)
      claide (~> 1.0)
      claide-plugins (>= 0.9.2)
      colored2 (~> 3.1)
      cork (~> 0.1)
      faraday (~> 0.9)
      faraday-http-cache (~> 1.0)
      git (~> 1.5)
      kramdown (~> 1.5)
      no_proxy_fix
      octokit (~> 4.7)
      terminal-table (~> 1)
    database_cleaner (1.7.0)
    diff-lcs (1.3)
    docile (1.1.5)
    dogstatsd-ruby (3.2.0)
    dotenv (2.2.1)
    dotenv-rails (2.2.1)
      dotenv (= 2.2.1)
      railties (>= 3.2, < 5.2)
    erubi (1.7.1)
    execjs (2.7.0)
    factory_bot (4.8.2)
      activesupport (>= 3.0.0)
    factory_bot_rails (4.8.2)
      factory_bot (~> 4.8.2)
      railties (>= 3.0.0)
    faker (1.8.7)
      i18n (>= 0.7)
    faraday (0.15.4)
      multipart-post (>= 1.2, < 3)
    faraday-http-cache (1.3.1)
      faraday (~> 0.8)
    ffi (1.9.25)
    foreman (0.84.0)
      thor (~> 0.19.1)
    formatador (0.2.5)
    git (1.5.0)
    globalid (0.4.1)
      activesupport (>= 4.2.0)
    guard (2.14.2)
      formatador (>= 0.2.4)
      listen (>= 2.7, < 4.0)
      lumberjack (>= 1.0.12, < 2.0)
      nenv (~> 0.1)
      notiffany (~> 0.0)
      pry (>= 0.9.12)
      shellany (~> 0.0)
      thor (>= 0.18.1)
    guard-compat (1.2.1)
    guard-rspec (4.7.3)
      guard (~> 2.1)
      guard-compat (~> 1.1)
      rspec (>= 2.99.0, < 4.0)
    gyoku (1.3.1)
      builder (>= 2.1.2)
    holidays (6.4.0)
    httpclient (2.8.3)
    httpi (2.4.3)
      rack
      socksify
    i18n (1.1.1)
      concurrent-ruby (~> 1.0)
    jaro_winkler (1.5.1)
    jmespath (1.3.1)
    jquery-rails (4.3.1)
      rails-dom-testing (>= 1, < 3)
      railties (>= 4.2.0)
      thor (>= 0.14, < 2.0)
    jshint (1.5.0)
      execjs (>= 1.4.0)
      multi_json (~> 1.0)
      therubyracer (~> 0.12.1)
    json (1.8.6)
    jsonapi-renderer (0.2.0)
    kramdown (1.17.0)
    launchy (2.4.3)
      addressable (~> 2.3)
    libv8 (3.16.14.19)
    listen (3.1.5)
      rb-fsevent (~> 0.9, >= 0.9.4)
      rb-inotify (~> 0.9, >= 0.9.7)
      ruby_dep (~> 1.2)
    loofah (2.2.3)
      crass (~> 1.0.2)
      nokogiri (>= 1.5.9)
    lumberjack (1.0.13)
    mail (2.7.1)
      mini_mime (>= 0.1.1)
    method_source (0.9.2)
    mini_mime (1.0.1)
    mini_portile2 (2.3.0)
    minitest (5.11.3)
    moment_timezone-rails (0.5.0)
    momentjs-rails (2.20.1)
      railties (>= 3.1)
    msgpack (1.2.4)
    multi_json (1.12.2)
    multipart-post (2.0.0)
    nap (1.1.0)
    neat (2.1.0)
      sass (~> 3.4)
      thor (~> 0.19)
    nenv (0.3.0)
    newrelic_rpm (4.7.1.340)
    nio4r (2.3.1)
    no_proxy_fix (0.1.2)
    nokogiri (1.8.5)
      mini_portile2 (~> 2.3.0)
    nori (2.6.0)
    notiffany (0.1.1)
      nenv (~> 0.1)
      shellany (~> 0.0)
    octokit (4.13.0)
      sawyer (~> 0.8.0, >= 0.5.3)
    open4 (1.3.4)
    paper_trail (8.1.2)
      activerecord (>= 4.2, < 5.2)
      request_store (~> 1.1)
    parallel (1.12.1)
    paranoia (2.4.0)
      activerecord (>= 4.0, < 5.2)
    parser (2.5.3.0)
      ast (~> 2.4.0)
    pdf-forms (1.1.1)
      cliver (~> 0.3.2)
      safe_shell (>= 1.0.3, < 2.0)
    pg (0.21.0)
    powerpack (0.1.2)
    prometheus-client (0.7.1)
      quantile (~> 0.2.0)
    pry (0.11.3)
      coderay (~> 1.1.0)
      method_source (~> 0.9.0)
    pry-byebug (3.5.1)
      byebug (~> 9.1)
      pry (~> 0.10)
    public_suffix (3.0.3)
    puma (3.12.0)
    quantile (0.2.0)
    rack (2.0.6)
    rack-test (1.1.0)
      rack (>= 1.0, < 3)
    rails (5.1.6.1)
      actioncable (= 5.1.6.1)
      actionmailer (= 5.1.6.1)
      actionpack (= 5.1.6.1)
      actionview (= 5.1.6.1)
      activejob (= 5.1.6.1)
      activemodel (= 5.1.6.1)
      activerecord (= 5.1.6.1)
      activesupport (= 5.1.6.1)
      bundler (>= 1.3.0)
      railties (= 5.1.6.1)
      sprockets-rails (>= 2.0.0)
    rails-dom-testing (2.0.3)
      activesupport (>= 4.2.0)
      nokogiri (>= 1.6)
    rails-html-sanitizer (1.0.4)
      loofah (~> 2.2, >= 2.2.2)
    railties (5.1.6.1)
      actionpack (= 5.1.6.1)
      activesupport (= 5.1.6.1)
      method_source
      rake (>= 0.8.7)
      thor (>= 0.18.1, < 2.0)
    rainbow (2.2.2)
      rake
    rake (12.3.2)
    rb-fsevent (0.10.2)
    rb-inotify (0.9.10)
      ffi (>= 0.5.0, < 2)
    rb-readline (0.5.5)
    react_on_rails (8.0.6)
      addressable
      connection_pool
      execjs (~> 2.5)
      rails (>= 3.2)
      rainbow (~> 2.2)
    redis (4.0.1)
    redis-actionpack (5.0.2)
      actionpack (>= 4.0, < 6)
      redis-rack (>= 1, < 3)
      redis-store (>= 1.1.0, < 2)
    redis-activesupport (5.0.4)
      activesupport (>= 3, < 6)
      redis-store (>= 1.3, < 2)
    redis-namespace (1.6.0)
      redis (>= 3.0.4)
    redis-rack (2.0.4)
      rack (>= 1.5, < 3)
      redis-store (>= 1.2, < 2)
    redis-rails (5.0.2)
      redis-actionpack (>= 5.0, < 6)
      redis-activesupport (>= 5.0, < 6)
      redis-store (>= 1.2, < 2)
    redis-store (1.4.1)
      redis (>= 2.2, < 5)
    ref (2.0.0)
    request_store (1.4.0)
      rack (>= 1.4)
    roo (2.7.1)
      nokogiri (~> 1)
      rubyzip (~> 1.1, < 2.0.0)
    rspec (3.7.0)
      rspec-core (~> 3.7.0)
      rspec-expectations (~> 3.7.0)
      rspec-mocks (~> 3.7.0)
    rspec-core (3.7.1)
      rspec-support (~> 3.7.0)
    rspec-expectations (3.7.0)
      diff-lcs (>= 1.2.0, < 2.0)
      rspec-support (~> 3.7.0)
    rspec-mocks (3.7.0)
      diff-lcs (>= 1.2.0, < 2.0)
      rspec-support (~> 3.7.0)
    rspec-rails (3.7.2)
      actionpack (>= 3.0)
      activesupport (>= 3.0)
      railties (>= 3.0)
      rspec-core (~> 3.7.0)
      rspec-expectations (~> 3.7.0)
      rspec-mocks (~> 3.7.0)
      rspec-support (~> 3.7.0)
    rspec-support (3.7.0)
    rspec_junit_formatter (0.3.0)
      rspec-core (>= 2, < 4, != 2.12.0)
    rubocop (0.62.0)
      jaro_winkler (~> 1.5.1)
      parallel (~> 1.10)
      parser (>= 2.5, != 2.5.1.1)
      powerpack (~> 0.1)
      rainbow (>= 2.2.2, < 4.0)
      ruby-progressbar (~> 1.7)
      unicode-display_width (~> 1.4.0)
    ruby-oci8 (2.2.5.1)
    ruby-plsql (0.6.0)
    ruby-progressbar (1.10.0)
    ruby_dep (1.5.0)
    rubyzip (1.2.2)
    safe_shell (1.1.0)
    sass (3.5.5)
      sass-listen (~> 4.0.0)
    sass-listen (4.0.0)
      rb-fsevent (~> 0.9, >= 0.9.4)
      rb-inotify (~> 0.9, >= 0.9.7)
    sass-rails (5.0.7)
      railties (>= 4.0.0, < 6)
      sass (~> 3.1)
      sprockets (>= 2.8, < 4.0)
      sprockets-rails (>= 2.0, < 4.0)
      tilt (>= 1.1, < 3)
    savon (2.12.0)
      akami (~> 1.2)
      builder (>= 2.1.2)
      gyoku (~> 1.2)
      httpi (~> 2.3)
      nokogiri (>= 1.8.1)
      nori (~> 2.4)
      wasabi (~> 3.4)
    sawyer (0.8.1)
      addressable (>= 2.3.5, < 2.6)
      faraday (~> 0.8, < 1.0)
    scss_lint (0.57.0)
      rake (>= 0.9, < 13)
      sass (~> 3.5.5)
    selenium-webdriver (3.11.0)
      childprocess (~> 0.5)
      rubyzip (~> 1.2)
    sentry-raven (2.7.4)
      faraday (>= 0.7.6, < 1.0)
    shellany (0.0.1)
    shoryuken (3.1.11)
      aws-sdk-core (>= 2)
      concurrent-ruby
      thor
    simplecov-html (0.10.2)
    socksify (1.7.1)
    sprockets (3.7.2)
      concurrent-ruby (~> 1.0)
      rack (> 1, < 3)
    sprockets-rails (3.2.1)
      actionpack (>= 4.0)
      activesupport (>= 4.0)
      sprockets (>= 3.0.0)
    sqlite3 (1.3.13)
    stringex (2.8.5)
    strong_migrations (0.3.1)
      activerecord (>= 3.2.0)
    terminal-table (1.8.0)
      unicode-display_width (~> 1.1, >= 1.1.1)
    therubyracer (0.12.3)
      libv8 (~> 3.16.14.15)
      ref
    thor (0.19.4)
    thread_safe (0.3.6)
    tilt (2.0.8)
    timecop (0.9.1)
    tzinfo (1.2.5)
      thread_safe (~> 0.1)
    uglifier (4.1.3)
      execjs (>= 0.3.0, < 3)
    unicode-display_width (1.4.1)
    uniform_notifier (1.12.1)
    wasabi (3.5.0)
      httpi (~> 2.0)
      nokogiri (>= 1.4.2)
    websocket-driver (0.6.5)
      websocket-extensions (>= 0.1.0)
    websocket-extensions (0.1.3)
    xmldsig (0.3.2)
      nokogiri
    xmlenc (0.7.1)
      activemodel (>= 3.0.0)
      activesupport (>= 3.0.0)
      nokogiri (>= 1.6.0, < 2.0.0)
      xmlmapper (>= 0.7.3)
    xmlmapper (0.7.3)
      nokogiri (~> 1.5)
    xpath (3.0.0)
      nokogiri (~> 1.8)

PLATFORMS
  ruby

DEPENDENCIES
  aasm (= 4.11.0)
  active_model_serializers (~> 0.10.0)
  activerecord-import
  activerecord-jdbcsqlite3-adapter
  activerecord-oracle_enhanced-adapter
  acts_as_tree
  bgs!
  bootsnap
  brakeman
  bullet
  bundler-audit
  business_time (~> 0.9.3)
  byebug
  capybara
  capybara-screenshot
  caseflow!
  connect_vbms!
  danger (~> 5.10)
  database_cleaner
  dogstatsd-ruby
  dotenv-rails
  factory_bot_rails (~> 4.8)
  faker
  foreman
  guard-rspec
  holidays (~> 6.4)
  jquery-rails
  jshint
  loofah (>= 2.2.3)
  moment_timezone-rails
  newrelic_rpm
  nokogiri (= 1.8.5)
  paper_trail (= 8.1.2)
  parallel
  paranoia (~> 2.2)
  pdf-forms
  pdfjs_viewer-rails!
  pg
  prometheus-client (~> 0.7.1)
  pry
  pry-byebug
  puma (~> 3.12.0)
  rack (~> 2.0.6)
  rails (= 5.1.6.1)
  rainbow
  rb-readline
  react_on_rails (= 8.0.6)
  redis-namespace
  redis-rails (~> 5.0.2)
  request_store
  roo (~> 2.7)
  rspec
  rspec-rails
  rspec_junit_formatter
  rubocop (~> 0.52)
  ruby-oci8
  sass-rails (~> 5.0)
  scss_lint
  sentry-raven
  shoryuken (= 3.1.11)
  simplecov!
  sniffybara!
  sqlite3
  stringex
  strong_migrations
  therubyracer
  timecop
  tzinfo-data
  uglifier (>= 1.3.0)

BUNDLED WITH
   1.17.2
